GEM
  remote: https://rubygems.org/
  specs:
    concurrent-ruby (1.1.9)
    diff-lcs (1.4.4)
    dry-configurable (0.12.1)
      concurrent-ruby (~> 1.0)
      dry-core (~> 0.5, >= 0.5.0)
    dry-core (0.7.1)
      concurrent-ruby (~> 1.0)
    dry-inflector (0.2.1)
    dry-view (0.7.1)
      concurrent-ruby (~> 1.0)
      dry-configurable (~> 0.1)
      dry-core (~> 0.5, >= 0.5)
      dry-inflector (~> 0.1)
      tilt (~> 2.0, >= 2.0.6)
    erbse (0.1.4)
      temple
    nio4r (2.5.8)
    puma (5.4.0)
      nio4r (~> 2.0)
    rack (2.2.6.2)
    rack-test (1.1.0)
      rack (>= 1.0, < 3)
    rake (13.0.6)
    roda (3.47.0)
      rack
    rspec (3.10.0)
      rspec-core (~> 3.10.0)
      rspec-expectations (~> 3.10.0)
      rspec-mocks (~> 3.10.0)
    rspec-core (3.10.1)
      rspec-support (~> 3.10.0)
    rspec-expectations (3.10.1)
      diff-lcs (>= 1.2.0, < 2.0)
      rspec-support (~> 3.10.0)
    rspec-mocks (3.10.2)
      diff-lcs (>= 1.2.0, < 2.0)
      rspec-support (~> 3.10.0)
    rspec-support (3.10.2)
    sequel (5.48.0)
    sqlite3 (1.4.2)
    temple (0.8.2)
    tilt (2.0.10)
    zeitwerk (2.4.2)

PLATFORMS
  x86_64-darwin-20
  x86_64-linux

DEPENDENCIES
  dry-view
  erbse
  puma
  rack-test
  rake
  roda
  rspec
  sequel
  sqlite3
  tilt
  zeitwerk

BUNDLED WITH
   2.2.3
